GIT
  remote: https://github.com/projectblacklight/blacklight
  revision: a9db4e472919f06f5c7cc6eb49deee86b40be373
  specs:
    blacklight (5.9.0)
      bootstrap-sass (~> 3.2)
      deprecation
      kaminari (~> 0.13)
      nokogiri (~> 1.6)
      rails (>= 3.2.6, < 5)
      rsolr (~> 1.0.6)

GIT
  remote: https://github.com/projectblacklight/blacklight-gallery
  revision: 4cd67980e026d34072dddef8cecff1b6edcbbd9f
  specs:
    blacklight-gallery (0.1.2)
      blacklight (~> 5.0)
      bootstrap-sass (~> 3.0)
      openseadragon (>= 0.0.9)
      rails

GIT
  remote: https://github.com/sul-dlss/blacklight-maps
  revision: a5f07efcc0f6bee9aeb9d4cfe939394c7ec84a22
  specs:
    blacklight-maps (0.1.1)
      blacklight (>= 5.1.0)
      bootstrap-sass (~> 3.0)
      leaflet-markercluster-rails
      leaflet-rails
      leaflet-sidebar-rails (~> 0.0.2)
      rails

GIT
  remote: https://github.com/sul-dlss/gdor-indexer
  revision: 5121494b8f8c545c99693b118d83604676853436
  branch: refactor
  specs:
    gdor-indexer (0.0.1)
      activesupport
      harvestdor-indexer
      hooks
      mail
      nokogiri
      rsolr
      stanford-mods
      trollop

GIT
  remote: https://github.com/sul-dlss/harvestdor
  revision: 7b91cd64085baaacdeb9522295ecbb017dfdf2ac
  branch: remove-oai
  specs:
    harvestdor (0.0.14)
      confstruct
      faraday (>= 0.9.0)
      nokogiri

GIT
  remote: https://github.com/sul-dlss/harvestdor-indexer
  revision: 61b45714e3c6763e3f57c4bae8a0a64ad1b38da0
  branch: refactor
  specs:
    harvestdor-indexer (1.0.4)
      activesupport
      confstruct
      dor-fetcher (= 1.0.5)
      harvestdor (>= 0.0.14)
      parallel
      retries
      rsolr
      stanford-mods

GIT
  remote: https://github.com/sul-dlss/sir-trevor-rails
  revision: 1fdaf7ac19ed16e951b90ee620adc8e1fc2380b6
  branch: master
  specs:
    sir_trevor_rails (0.5.0.pre.beta1)
      rails
      redcarpet (~> 2.0.1)
      twitter-text (~> 1.4)

GIT
  remote: https://github.com/sul-dlss/spotlight
  revision: 019e7638a265223a6b981c5af4889d6b0144a941
  specs:
    blacklight-spotlight (0.2.0)
      active_model_serializers (= 0.9.0)
      acts-as-taggable-on (= 3.1.0)
      autoprefixer-rails (< 5.0.0)
      blacklight (~> 5.8)
      blacklight-oembed (>= 0.0.3)
      bootstrap_form (~> 2.2.0)
      breadcrumbs_on_rails (~> 2.3.0)
      cancancan
      carrierwave
      carrierwave-crop
      devise (~> 3.0)
      faraday
      faraday_middleware
      friendly_id (= 5.1.0)
      github-markup
      lodash-rails
      mail_form
      mini_magick
      nokogiri
      rails (~> 4.0, >= 4.2.0)
      sir_trevor_rails (>= 0.5.0.pre.beta1)
      social-share-button (~> 0.1.5)
      tophat
      underscore-rails (~> 1.6.0)

GIT
  remote: https://github.com/sul-dlss/spotlight-dor-resources
  revision: df398834f9b1460f84f162b00ca244b228ea595d
  specs:
    spotlight-dor-resources (0.0.1)
      blacklight-spotlight (~> 0.2)
      faraday
      harvestdor
      harvestdor-indexer
      rails
      solrizer

GEM
  remote: https://rubygems.org/
  specs:
    actionmailer (4.2.0)
      actionpack (= 4.2.0)
      actionview (= 4.2.0)
      activejob (= 4.2.0)
      mail (~> 2.5, >= 2.5.4)
      rails-dom-testing (~> 1.0, >= 1.0.5)
    actionpack (4.2.0)
      actionview (= 4.2.0)
      activesupport (= 4.2.0)
      rack (~> 1.6.0)
      rack-test (~> 0.6.2)
      rails-dom-testing (~> 1.0, >= 1.0.5)
      rails-html-sanitizer (~> 1.0, >= 1.0.1)
    actionview (4.2.0)
      activesupport (= 4.2.0)
      builder (~> 3.1)
      erubis (~> 2.7.0)
      rails-dom-testing (~> 1.0, >= 1.0.5)
      rails-html-sanitizer (~> 1.0, >= 1.0.1)
    active_model_serializers (0.9.0)
      activemodel (>= 3.2)
    activejob (4.2.0)
      activesupport (= 4.2.0)
      globalid (>= 0.3.0)
    activemodel (4.2.0)
      activesupport (= 4.2.0)
      builder (~> 3.1)
    activerecord (4.2.0)
      activemodel (= 4.2.0)
      activesupport (= 4.2.0)
      arel (~> 6.0)
    activesupport (4.2.0)
      i18n (~> 0.7)
      json (~> 1.7, >= 1.7.7)
      minitest (~> 5.1)
      thread_safe (~> 0.3, >= 0.3.4)
      tzinfo (~> 1.1)
    acts-as-taggable-on (3.1.0)
      actionpack (>= 3, < 5)
      activerecord (>= 3, < 5)
      activesupport (>= 3, < 5)
    arel (6.0.0)
    autoprefixer-rails (4.0.2.2)
      execjs
    bcrypt (3.1.10)
    binding_of_caller (0.7.2)
      debug_inspector (>= 0.0.1)
    blacklight-oembed (0.0.4)
      blacklight (~> 5.0)
      bootstrap-sass (~> 3.0)
      rails
      ruby-oembed
    bootstrap-sass (3.3.1.0)
      sass (~> 3.2)
    bootstrap_form (2.2.0)
    breadcrumbs_on_rails (2.3.0)
    builder (3.2.2)
    bundler-audit (0.3.1)
      bundler (~> 1.2)
      thor (~> 0.18)
    byebug (3.5.1)
      columnize (~> 0.8)
      debugger-linecache (~> 1.2)
      slop (~> 3.6)
    cancancan (1.10.1)
    capistrano (3.3.5)
      capistrano-stats (~> 1.1.0)
      i18n
      rake (>= 10.0.0)
      sshkit (~> 1.3)
    capistrano-bundle_audit (0.0.4)
      bundler-audit
      capistrano (~> 3.0)
    capistrano-bundler (1.1.4)
      capistrano (~> 3.1)
      sshkit (~> 1.2)
    capistrano-one_time_key (0.0.1)
      capistrano (~> 3.0)
    capistrano-rails (1.1.2)
      capistrano (~> 3.1)
      capistrano-bundler (~> 1.1)
    capistrano-releaseboard (0.0.1)
      faraday
    capistrano-stats (1.1.1)
    carrierwave (0.10.0)
      activemodel (>= 3.2.0)
      activesupport (>= 3.2.0)
      json (>= 1.7)
      mime-types (>= 1.16)
    carrierwave-crop (0.1.2)
      carrierwave (>= 0.8.0, < 0.11.0)
      jquery-rails
      rails (>= 3.2)
    childprocess (0.5.5)
      ffi (~> 1.0, >= 1.0.11)
    chronic (0.10.2)
    coffee-rails (4.1.0)
      coffee-script (>= 2.2.0)
      railties (>= 4.0.0, < 5.0)
    coffee-script (2.3.0)
      coffee-script-source
      execjs
    coffee-script-source (1.9.0)
    colorize (0.7.5)
    columnize (0.9.0)
    confstruct (0.2.7)
    daemons (1.1.9)
    debug_inspector (0.0.2)
    debugger-linecache (1.2.0)
    delayed_job (4.0.6)
      activesupport (>= 3.0, < 5.0)
    delayed_job_active_record (4.0.3)
      activerecord (>= 3.0, < 5.0)
      delayed_job (>= 3.0, < 4.1)
    deprecation (0.1.0)
      activesupport
    devise (3.4.1)
      bcrypt (~> 3.0)
      orm_adapter (~> 0.1)
      railties (>= 3.2.6, < 5)
      responders
      thread_safe (~> 0.1)
      warden (~> 1.2.3)
    devise-guests (0.3.3)
      devise
    devise-remote-user (0.4.1)
      devise
      rails (>= 3.2, < 5.0)
    dor-fetcher (1.0.5)
    erubis (2.7.0)
    execjs (2.2.2)
    faraday (0.9.1)
      multipart-post (>= 1.2, < 3)
    faraday_middleware (0.9.1)
      faraday (>= 0.7.4, < 0.10)
    ffi (1.9.6)
    friendly_id (5.1.0)
      activerecord (>= 4.0.0)
    github-markup (1.3.1)
      posix-spawn (~> 0.3.8)
    globalid (0.3.0)
      activesupport (>= 4.1.0)
    hike (1.2.3)
    hooks (0.4.0)
      uber (~> 0.0.4)
    i18n (0.7.0)
    is_it_working-cbeer (1.0.16)
    iso-639 (0.2.5)
    jbuilder (2.2.6)
      activesupport (>= 3.0.0, < 5)
      multi_json (~> 1.2)
    jettywrapper (2.0.0)
      activesupport (>= 3.0.0)
      childprocess
      i18n
      logger
    jquery-rails (4.0.3)
      rails-dom-testing (~> 1.0)
      railties (>= 4.2.0)
      thor (>= 0.14, < 2.0)
    json (1.8.2)
    kaminari (0.16.2)
      actionpack (>= 3.0.0)
      activesupport (>= 3.0.0)
    leaflet-markercluster-rails (0.7.0)
      railties (>= 3.1)
    leaflet-rails (0.7.4)
    leaflet-sidebar-rails (0.0.3)
    libv8 (3.16.14.7)
    lodash-rails (2.4.1)
      railties (>= 3.1)
    logger (1.2.8)
    loofah (2.0.1)
      nokogiri (>= 1.5.9)
    lyberteam-capistrano-devel (3.1.0)
      capistrano (~> 3.0)
      capistrano-bundle_audit (>= 0.0.3)
      capistrano-one_time_key
      capistrano-releaseboard
    mail (2.6.3)
      mime-types (>= 1.16, < 3)
    mail_form (1.5.0)
      actionmailer (>= 3.2, < 5)
      activemodel (>= 3.2, < 5)
    mime-types (2.4.3)
    mini_magick (4.0.3)
    mini_portile (0.6.2)
    minitest (5.5.1)
    mods (2.0.1)
      iso-639
      nokogiri
      nom-xml
    multi_json (1.10.1)
    multipart-post (2.0.0)
    mysql2 (0.3.17)
    net-scp (1.2.1)
      net-ssh (>= 2.6.5)
    net-ssh (2.9.2)
    nokogiri (1.6.6.2)
      mini_portile (~> 0.6.0)
    nom-xml (0.5.1)
      activesupport
      i18n
      nokogiri
    openseadragon (0.0.9)
      rails (> 3.2.0)
    orm_adapter (0.5.0)
    parallel (1.3.3)
    posix-spawn (0.3.9)
    rack (1.6.0)
    rack-accept (0.4.5)
      rack (>= 0.4)
    rack-dev-mark (0.7.3)
      rack (>= 1.1)
    rack-test (0.6.3)
      rack (>= 1.0)
    rails (4.2.0)
      actionmailer (= 4.2.0)
      actionpack (= 4.2.0)
      actionview (= 4.2.0)
      activejob (= 4.2.0)
      activemodel (= 4.2.0)
      activerecord (= 4.2.0)
      activesupport (= 4.2.0)
      bundler (>= 1.3.0, < 2.0)
      railties (= 4.2.0)
      sprockets-rails
    rails-deprecated_sanitizer (1.0.3)
      activesupport (>= 4.2.0.alpha)
    rails-dom-testing (1.0.5)
      activesupport (>= 4.2.0.beta, < 5.0)
      nokogiri (~> 1.6.0)
      rails-deprecated_sanitizer (>= 1.0.1)
    rails-html-sanitizer (1.0.1)
      loofah (~> 2.0)
    rails_config (0.4.2)
      activesupport (>= 3.0)
    railties (4.2.0)
      actionpack (= 4.2.0)
      activesupport (= 4.2.0)
      rake (>= 0.8.7)
      thor (>= 0.18.1, < 2.0)
    rake (10.4.2)
    rdoc (4.2.0)
    redcarpet (2.0.1)
    ref (1.0.5)
    responders (2.1.0)
      railties (>= 4.2.0, < 5)
    retries (0.0.5)
    rsolr (1.0.10)
      builder (>= 2.1.2)
    ruby-oembed (0.8.12)
    sass (3.4.11)
    sass-rails (5.0.1)
      railties (>= 4.0.0, < 5.0)
      sass (~> 3.1)
      sprockets (>= 2.8, < 4.0)
      sprockets-rails (>= 2.0, < 4.0)
      tilt (~> 1.1)
    sdoc (0.4.1)
      json (~> 1.7, >= 1.7.7)
      rdoc (~> 4.0)
    sitemap_generator (5.0.5)
      builder
    slop (3.6.0)
    social-share-button (0.1.8)
      coffee-rails
      sass-rails
    solrizer (3.3.0)
      activesupport
      daemons
      nokogiri
      stomp
      xml-simple
    sprockets (2.12.3)
      hike (~> 1.2)
      multi_json (~> 1.0)
      rack (~> 1.0)
      tilt (~> 1.1, != 1.3.0)
    sprockets-rails (2.2.4)
      actionpack (>= 3.0)
      activesupport (>= 3.0)
      sprockets (>= 2.8, < 4.0)
    sqlite3 (1.3.10)
    squash_rails (1.3.3)
      squash_ruby
    squash_ruby (2.0.0)
      json
    sshkit (1.6.1)
      colorize (>= 0.7.0)
      net-scp (>= 1.1.2)
      net-ssh (>= 2.8.0)
    stanford-mods (1.1.2)
      mods
    stomp (1.3.4)
    therubyracer (0.12.1)
      libv8 (~> 3.16.14.0)
      ref
    thor (0.19.1)
    thread_safe (0.3.4)
    tilt (1.4.1)
    tophat (2.2.0)
      actionpack (>= 3.0.0)
    trollop (2.1.1)
    turbolinks (2.5.3)
      coffee-rails
    turnout (2.1.0)
      rack (~> 1.3)
      rack-accept (~> 0.4)
    twitter-text (1.11.0)
      unf (~> 0.1.0)
    tzinfo (1.2.2)
      thread_safe (~> 0.1)
    uber (0.0.13)
    uglifier (2.7.0)
      execjs (>= 0.3.0)
      json (>= 1.8.0)
    underscore-rails (1.6.0)
    unf (0.1.4)
      unf_ext
    unf_ext (0.0.6)
    warden (1.2.3)
      rack (>= 1.0)
    web-console (2.0.0)
      activemodel (~> 4.0)
      binding_of_caller (>= 0.7.2)
      railties (~> 4.0)
      sprockets-rails (>= 2.0, < 4.0)
    whenever (0.9.4)
      chronic (>= 0.6.3)
    xml-simple (1.1.4)

PLATFORMS
  ruby

DEPENDENCIES
  blacklight!
  blacklight-gallery!
  blacklight-maps!
  blacklight-spotlight!
  byebug
  capistrano (~> 3.0)
  capistrano-bundler
  capistrano-rails
  coffee-rails (~> 4.1.0)
  delayed_job
  delayed_job_active_record
  devise
  devise-guests (~> 0.3)
  devise-remote-user
  friendly_id
  gdor-indexer!
  harvestdor!
  harvestdor-indexer!
  is_it_working-cbeer
  jbuilder (~> 2.0)
  jettywrapper
  jquery-rails
  lyberteam-capistrano-devel (= 3.1.0)
  mysql2
  rack-dev-mark
  rails (= 4.2.0)
  rails_config
  ruby-oembed
  sass-rails (~> 5.0)
  sdoc (~> 0.4.0)
  sir_trevor_rails!
  sitemap_generator
  social-share-button
  spotlight-dor-resources!
  sqlite3
  squash_rails
  squash_ruby
  therubyracer
  turbolinks
  turnout
  uglifier (>= 1.3.0)
  web-console (~> 2.0)
  whenever
