GIT
  remote: git://github.com/code4lib/ruby-oai.git
  revision: 2962523677f8619f646ea95ece490c8c3a43e742
  specs:
    oai (0.3.1)
      builder (>= 3.1.0)
      faraday
      faraday_middleware

GIT
  remote: git://github.com/projectblacklight/blacklight-gallery.git
  revision: 2f9f342518585a6e48d93a8e4ed5621afcf918a7
  specs:
    blacklight-gallery (0.0.1)
      blacklight (>= 5.0.0.pre4, < 6.0)
      bootstrap-sass (~> 3.0)
      rails

GIT
  remote: git://github.com/sul-dlss/blacklight-maps.git
  revision: 86501001709732f15d89ec40e7c0604125e0c1e5
  specs:
    blacklight-maps (0.1.0)
      blacklight (>= 5.1.0)
      bootstrap-sass (~> 3.0)
      leaflet-markercluster-rails
      leaflet-rails
      leaflet-sidebar-rails (~> 0.0.2)
      rails

GIT
  remote: git://github.com/sul-dlss/openseadragon-rails.git
  revision: afe09fa081b0a4f854cbeb0c4f9cba7edda17ea9
  specs:
    openseadragon (0.0.5)
      rails (> 3.2.0)

GIT
  remote: git://github.com/sul-dlss/sir-trevor-rails.git
  revision: 5350ffe1536dcd28725b22cc97e86e3042a19145
  specs:
    sir-trevor-rails (0.2.4)
      activesupport (>= 3.0.7)
      jquery-rails
      rails (>= 3.0.7)
      redcarpet (~> 2.0.1)
      twitter-text (~> 1.4)
      underscore-rails

GIT
  remote: git://github.com/sul-dlss/spotlight-dor-resources.git
  revision: 4a7171848f694b0247f25fa64fd1c423103d061a
  specs:
    spotlight-dor-resources (0.0.1)
      blacklight-spotlight
      faraday
      harvestdor
      harvestdor-indexer
      rails
      solrizer

GIT
  remote: git://github.com/sul-dlss/spotlight.git
  revision: b7c7563ae8d0ee804ad616976028a6e8392efcfa
  specs:
    blacklight-spotlight (0.0.4)
      active_model_serializers (>= 0.9.0.alpha1)
      acts-as-taggable-on (= 3.1.0)
      blacklight (>= 5.4.0.rc1, < 6)
      blacklight-gallery
      bootstrap_form (~> 2.1.0)
      breadcrumbs_on_rails (~> 2.3.0)
      cancancan
      carrierwave
      devise (~> 3.0)
      faraday
      faraday_middleware
      friendly_id
      mail_form
      mini_magick
      nokogiri
      openseadragon (>= 0.0.5)
      rails (~> 4.0, >= 4.0.1)
      ruby-oembed
      sir-trevor-rails
      social-share-button (~> 0.1.5)

GEM
  remote: https://rubygems.org/
  specs:
    actionmailer (4.1.2)
      actionpack (= 4.1.2)
      actionview (= 4.1.2)
      mail (~> 2.5.4)
    actionpack (4.1.2)
      actionview (= 4.1.2)
      activesupport (= 4.1.2)
      rack (~> 1.5.2)
      rack-test (~> 0.6.2)
    actionview (4.1.2)
      activesupport (= 4.1.2)
      builder (~> 3.1)
      erubis (~> 2.7.0)
    active_model_serializers (0.9.0.alpha1)
      activemodel (>= 3.2)
    activemodel (4.1.2)
      activesupport (= 4.1.2)
      builder (~> 3.1)
    activerecord (4.1.2)
      activemodel (= 4.1.2)
      activesupport (= 4.1.2)
      arel (~> 5.0.0)
    activesupport (4.1.2)
      i18n (~> 0.6, >= 0.6.9)
      json (~> 1.7, >= 1.7.7)
      minitest (~> 5.1)
      thread_safe (~> 0.1)
      tzinfo (~> 1.1)
    acts-as-taggable-on (3.1.0)
      actionpack (>= 3, < 5)
      activerecord (>= 3, < 5)
      activesupport (>= 3, < 5)
    arel (5.0.1.20140414130214)
    bcrypt (3.1.7)
    blacklight (5.4.0)
      bootstrap-sass (~> 3.0)
      deprecation
      kaminari (~> 0.13)
      nokogiri (~> 1.6)
      rails (>= 3.2.6, < 5)
      rsolr (~> 1.0.6)
    bootstrap-sass (3.1.1.1)
      sass (~> 3.2)
    bootstrap_form (2.1.1)
    breadcrumbs_on_rails (2.3.0)
    builder (3.2.2)
    cancancan (1.8.2)
    capistrano (3.2.1)
      i18n
      rake (>= 10.0.0)
      sshkit (~> 1.3)
    capistrano-bundler (1.1.2)
      capistrano (~> 3.0)
      sshkit (~> 1.2)
    capistrano-holepicker (0.0.1)
      capistrano (~> 3.0)
      holepicker
    capistrano-one_time_key (0.0.1)
      capistrano (~> 3.0)
    capistrano-rails (1.1.1)
      capistrano (~> 3.1)
      capistrano-bundler (~> 1.1)
    capistrano-releaseboard (0.0.1)
      faraday
    carrierwave (0.10.0)
      activemodel (>= 3.2.0)
      activesupport (>= 3.2.0)
      json (>= 1.7)
      mime-types (>= 1.16)
    childprocess (0.5.3)
      ffi (~> 1.0, >= 1.0.11)
    chronic (0.10.2)
    coffee-rails (4.0.1)
      coffee-script (>= 2.2.0)
      railties (>= 4.0.0, < 5.0)
    coffee-script (2.2.0)
      coffee-script-source
      execjs
    coffee-script-source (1.7.0)
    colorize (0.7.3)
    confstruct (0.2.7)
    daemons (1.1.9)
    deprecation (0.1.0)
      activesupport
    devise (3.2.4)
      bcrypt (~> 3.0)
      orm_adapter (~> 0.1)
      railties (>= 3.2.6, < 5)
      thread_safe (~> 0.1)
      warden (~> 1.2.3)
    devise-guests (0.3.3)
      devise
    devise-remote-user (0.4.0)
      devise
      rails (>= 3.2, < 5.0)
    erubis (2.7.0)
    execjs (2.2.0)
    faraday (0.9.0)
      multipart-post (>= 1.2, < 3)
    faraday_middleware (0.9.1)
      faraday (>= 0.7.4, < 0.10)
    ffi (1.9.3)
    friendly_id (5.0.4)
      activerecord (>= 4.0.0)
    harvestdor (0.0.12)
      confstruct
      nokogiri
      oai (~> 0.3.0)
    harvestdor-indexer (0.0.12)
      confstruct
      harvestdor
      rsolr
      stanford-mods
    hike (1.2.3)
    holepicker (0.3.3)
      json (~> 1.8)
      rainbow (~> 2.0)
    i18n (0.6.9)
    iso-639 (0.2.4)
    jbuilder (1.5.3)
      activesupport (>= 3.0.0)
      multi_json (>= 1.2.0)
    jettywrapper (1.7.0)
      activesupport (>= 3.0.0)
      childprocess
      i18n
      logger
      mediashelf-loggable
    jquery-rails (3.1.0)
      railties (>= 3.0, < 5.0)
      thor (>= 0.14, < 2.0)
    json (1.8.1)
    kaminari (0.15.1)
      actionpack (>= 3.0.0)
      activesupport (>= 3.0.0)
    leaflet-markercluster-rails (0.7.0)
      railties (>= 3.1)
    leaflet-rails (0.7.3)
    leaflet-sidebar-rails (0.0.3)
    libv8 (3.16.14.3)
    logger (1.2.8)
    lyberteam-capistrano-devel (3.0.0)
      capistrano (~> 3.0)
      capistrano-holepicker
      capistrano-one_time_key
      capistrano-releaseboard
    mail (2.5.4)
      mime-types (~> 1.16)
      treetop (~> 1.4.8)
    mail_form (1.5.0)
      actionmailer (>= 3.2, < 5)
      activemodel (>= 3.2, < 5)
    mediashelf-loggable (0.4.9)
    mime-types (1.25.1)
    mini_magick (3.7.0)
      subexec (~> 0.2.1)
    mini_portile (0.6.0)
    minitest (5.3.5)
    mods (0.0.23)
      iso-639
      nokogiri
      nom-xml
    multi_json (1.10.1)
    multipart-post (2.0.0)
    mysql2 (0.3.16)
    net-scp (1.2.1)
      net-ssh (>= 2.6.5)
    net-ssh (2.9.1)
    nokogiri (1.6.2.1)
      mini_portile (= 0.6.0)
    nom-xml (0.5.1)
      activesupport
      i18n
      nokogiri
    orm_adapter (0.5.0)
    polyglot (0.3.5)
    rack (1.5.2)
    rack-accept (0.4.5)
      rack (>= 0.4)
    rack-dev-mark (0.4.5)
      rack (>= 1.1)
    rack-test (0.6.2)
      rack (>= 1.0)
    rails (4.1.2)
      actionmailer (= 4.1.2)
      actionpack (= 4.1.2)
      actionview (= 4.1.2)
      activemodel (= 4.1.2)
      activerecord (= 4.1.2)
      activesupport (= 4.1.2)
      bundler (>= 1.3.0, < 2.0)
      railties (= 4.1.2)
      sprockets-rails (~> 2.0)
    rails_config (0.4.2)
      activesupport (>= 3.0)
    railties (4.1.2)
      actionpack (= 4.1.2)
      activesupport (= 4.1.2)
      rake (>= 0.8.7)
      thor (>= 0.18.1, < 2.0)
    rainbow (2.0.0)
    rake (10.3.2)
    rdoc (4.1.1)
      json (~> 1.4)
    redcarpet (2.0.1)
    ref (1.0.5)
    rsolr (1.0.10)
      builder (>= 2.1.2)
    ruby-oembed (0.8.9)
    sass (3.2.19)
    sass-rails (4.0.3)
      railties (>= 4.0.0, < 5.0)
      sass (~> 3.2.0)
      sprockets (~> 2.8, <= 2.11.0)
      sprockets-rails (~> 2.0)
    sdoc (0.4.0)
      json (~> 1.8)
      rdoc (~> 4.0, < 5.0)
    social-share-button (0.1.6)
      coffee-rails
      sass-rails
    solrizer (3.2.0)
      activesupport
      daemons
      mediashelf-loggable (~> 0.4.7)
      nokogiri
      stomp
      xml-simple
    sprockets (2.11.0)
      hike (~> 1.2)
      multi_json (~> 1.0)
      rack (~> 1.0)
      tilt (~> 1.1, != 1.3.0)
    sprockets-rails (2.1.3)
      actionpack (>= 3.0)
      activesupport (>= 3.0)
      sprockets (~> 2.8)
    sqlite3 (1.3.9)
    squash_rails (1.3.3)
      squash_ruby
    squash_ruby (1.4.0)
      json
    sshkit (1.5.1)
      colorize
      net-scp (>= 1.1.2)
      net-ssh (>= 2.8.0)
    stanford-mods (0.0.27)
      mods
    stomp (1.3.2)
    subexec (0.2.3)
    therubyracer (0.12.1)
      libv8 (~> 3.16.14.0)
      ref
    thor (0.19.1)
    thread_safe (0.3.4)
    tilt (1.4.1)
    treetop (1.4.15)
      polyglot
      polyglot (>= 0.3.1)
    turbolinks (2.2.2)
      coffee-rails
    turnout (1.0.0)
      rack
      rack-accept (~> 0.4)
    twitter-text (1.9.0)
      unf (~> 0.1.0)
    tzinfo (1.2.1)
      thread_safe (~> 0.1)
    uglifier (2.5.0)
      execjs (>= 0.3.0)
      json (>= 1.8.0)
    underscore-rails (1.6.0)
    unf (0.1.4)
      unf_ext
    unf_ext (0.0.6)
    warden (1.2.3)
      rack (>= 1.0)
    whenever (0.9.2)
      activesupport (>= 2.3.4)
      chronic (>= 0.6.3)
    xml-simple (1.1.3)

PLATFORMS
  ruby

DEPENDENCIES
  blacklight
  blacklight-gallery!
  blacklight-maps!
  blacklight-spotlight!
  capistrano (~> 3.0)
  capistrano-bundler
  capistrano-rails
  coffee-rails (~> 4.0.0)
  devise
  devise-guests (~> 0.3)
  devise-remote-user
  jbuilder (~> 1.2)
  jettywrapper
  jquery-rails
  lyberteam-capistrano-devel (= 3.0.0)
  mysql2
  oai!
  openseadragon!
  rack-dev-mark
  rails (= 4.1.2)
  rails_config
  sass-rails (~> 4.0.2)
  sdoc
  sir-trevor-rails!
  spotlight-dor-resources!
  sqlite3
  squash_rails
  squash_ruby
  therubyracer
  turbolinks
  turnout
  uglifier (>= 1.3.0)
  whenever
